GEM
  remote: http://rubygems.org/
  specs:
    gon-sinatra (0.1.0)
      sinatra
    rack (1.4.1)
    rack-protection (1.2.0)
      rack
    sass (3.1.19)
    sinatra (1.3.2)
      rack (~> 1.3, >= 1.3.6)
      rack-protection (~> 1.2)
      tilt (~> 1.3, >= 1.3.3)
    tilt (1.3.3)

PLATFORMS
  ruby

DEPENDENCIES
  gon-sinatra
  sass
  sinatra
